GEM
  remote: http://rubygems.org/
  specs:
    activesupport (3.2.8)
      i18n (~> 0.6)
      multi_json (~> 1.0)
    i18n (0.6.1)
    multi_json (1.3.6)
    rubycas-client (2.3.9)
      activesupport

PLATFORMS
  ruby

DEPENDENCIES
  rubycas-client
